GEM
  remote: http://rubygems.org/
  specs:
    activemodel (3.0.3)
      activesupport (= 3.0.3)
      builder (~> 2.1.2)
      i18n (~> 0.4)
    activesupport (3.0.3)
    builder (2.1.2)
    git (1.2.5)
    i18n (0.5.0)
    jeweler (1.5.2)
      bundler (~> 1.0.0)
      git (>= 1.2.5)
      rake
    minitest (2.7.0)
    rake (0.9.2)
    yard (0.6.4)

PLATFORMS
  ruby

DEPENDENCIES
  activemodel (~> 3.0.3)
  activesupport (~> 3.0.3)
  jeweler (~> 1.5.2)
  minitest (~> 2.7.0)
  rake (= 0.9.2)
  yard (~> 0.6.0)
